GEM
  remote: https://rubygems.org/
  specs:
    POpen4 (0.1.4)
      Platform (>= 0.4.0)
      open4
    Platform (0.4.0)
    bson (1.8.5)
    bson_ext (1.8.5)
      bson (~> 1.8.5)
    daemons (1.1.9)
    eventmachine (1.0.3)
    hiredis (0.4.5)
    mongo (1.8.5)
      bson (~> 1.8.5)
    open4 (1.3.0)
    rack (1.5.2)
    rack-protection (1.5.0)
      rack
    redis (3.0.4)
    sinatra (1.4.2)
      rack (~> 1.5, >= 1.5.2)
      rack-protection (~> 1.4)
      tilt (~> 1.3, >= 1.3.4)
    thin (1.5.1)
      daemons (>= 1.0.9)
      eventmachine (>= 0.12.6)
      rack (>= 1.0.0)
    tilt (1.4.1)
    yui-compressor (0.9.6)
      POpen4 (>= 0.1.4)

PLATFORMS
  ruby

DEPENDENCIES
  bson_ext
  hiredis (~> 0.4.5)
  mongo
  redis (~> 3.0.1)
  sinatra
  thin
  yui-compressor
